PATH
  remote: .
  specs:
    raf-parser (0.2.2)
      mimemagic

GEM
  remote: https://rubygems.org/
  specs:
    mimemagic (0.2.1)
    rake (10.1.0)

PLATFORMS
  ruby

DEPENDENCIES
  bundler (~> 1.3)
  raf-parser!
  rake
