PATH
  remote: .
  specs:
    mok-parser (0.3.2)
      mimemagic

GEM
  remote: https://rubygems.org/
  specs:
    mimemagic (0.2.1)
    rake (10.1.0)

PLATFORMS
  ruby

DEPENDENCIES
  bundler (~> 1.3)
  mok-parser!
  rake
